PATH
  remote: .
  specs:
    ebx_deliver (0.0.1)
      aws-sdk (~> 1.17.0)
      daemons (~> 1.1.9)
      dynamoid (~> 0.7.1)
      pry (> 0)

GEM
  remote: https://rubygems.org/
  specs:
    activemodel (4.0.0)
      activesupport (= 4.0.0)
      builder (~> 3.1.0)
    activesupport (4.0.0)
      i18n (~> 0.6, >= 0.6.4)
      minitest (~> 4.2)
      multi_json (~> 1.3)
      thread_safe (~> 0.1)
      tzinfo (~> 0.3.37)
    atomic (1.1.13)
    aws-sdk (1.17.0)
      json (~> 1.4)
      nokogiri (< 1.6.0)
      uuidtools (~> 2.1)
    builder (3.1.4)
    coderay (1.0.9)
    daemons (1.1.9)
    dynamoid (0.7.1)
      activemodel
      aws-sdk
      tzinfo
    i18n (0.6.5)
    json (1.8.0)
    method_source (0.8.2)
    minitest (4.7.5)
    multi_json (1.8.0)
    nokogiri (1.5.10)
    pry (0.9.12.2)
      coderay (~> 1.0.5)
      method_source (~> 0.8)
      slop (~> 3.4)
    rake (10.1.0)
    slop (3.4.6)
    thread_safe (0.1.3)
      atomic
    tzinfo (0.3.37)
    uuidtools (2.1.4)

PLATFORMS
  ruby

DEPENDENCIES
  bundler (~> 1.3)
  ebx_deliver!
  rake
